GEM
  remote: http://rubygems.org/
  specs:
    diff-lcs (1.2.5)
    path (1.3.3)
    pg (0.19.0)
    rack (1.6.12)
    rack-protection (1.5.5)
      rack
    rack-test (0.8.3)
      rack (>= 1.0, < 3)
    rake (10.5.0)
    rspec (3.5.0)
      rspec-core (~> 3.5.0)
      rspec-expectations (~> 3.5.0)
      rspec-mocks (~> 3.5.0)
    rspec-core (3.5.4)
      rspec-support (~> 3.5.0)
    rspec-expectations (3.5.0)
      diff-lcs (>= 1.2.0, < 2.0)
      rspec-support (~> 3.5.0)
    rspec-mocks (3.5.0)
      diff-lcs (>= 1.2.0, < 2.0)
      rspec-support (~> 3.5.0)
    rspec-support (3.5.0)
    sequel (4.41.0)
    sinatra (1.4.8)
      rack (~> 1.5)
      rack-protection (~> 1.4)
      tilt (>= 1.3, < 3)
    tilt (2.0.10)

PLATFORMS
  ruby

DEPENDENCIES
  path (~> 1.3)
  pg (~> 0.17)
  rack (~> 1.6, >= 1.6.12)
  rack-test (~> 0.6, >= 0.6.3)
  rake (~> 10.0)
  rspec (~> 3.0)
  sequel (~> 4.12)
  sinatra (~> 1.4, >= 1.4.7)

BUNDLED WITH
   1.17.3
