GEM
  remote: http://rubygems.org/
  specs:
    bmg (0.17.8)
      path (>= 1.3)
      predicate (~> 2.4, >= 2.4.0)
    diff-lcs (1.4.4)
    mustermann (1.1.1)
      ruby2_keywords (~> 0.0.1)
    net-ping (2.0.8)
    path (2.0.1)
    pg (1.2.3)
    predicate (2.4.0)
      sexpr (~> 0.6.0)
    rack (2.2.3)
    rack-protection (2.1.0)
      rack
    rack-test (1.1.0)
      rack (>= 1.0, < 3)
    rake (13.0.1)
    rspec (3.9.0)
      rspec-core (~> 3.9.0)
      rspec-expectations (~> 3.9.0)
      rspec-mocks (~> 3.9.0)
    rspec-core (3.9.2)
      rspec-support (~> 3.9.3)
    rspec-expectations (3.9.2)
      diff-lcs (>= 1.2.0, < 2.0)
      rspec-support (~> 3.9.0)
    rspec-mocks (3.9.1)
      diff-lcs (>= 1.2.0, < 2.0)
      rspec-support (~> 3.9.0)
    rspec-support (3.9.3)
    ruby2_keywords (0.0.2)
    sequel (5.36.0)
    sexpr (0.6.0)
    sinatra (2.1.0)
      mustermann (~> 1.0)
      rack (~> 2.2)
      rack-protection (= 2.1.0)
      tilt (~> 2.0)
    tilt (2.0.10)

PLATFORMS
  ruby

DEPENDENCIES
  bmg (~> 0.17)
  bundler (~> 2)
  net-ping
  path (~> 2)
  pg (~> 1)
  rack-test (~> 1)
  rake (~> 13)
  rspec (~> 3)
  sequel (~> 5)
  sinatra (~> 2)

BUNDLED WITH
   2.1.2
